GEM
  remote: https://rubygems.org/
  specs:
    coderay (1.1.1)
    countries (1.2.5)
      currencies (~> 0.4.2)
      i18n_data (~> 0.7.0)
    currencies (0.4.2)
    going_postal (0.1.6)
    i18n_data (0.7.0)
    method_source (0.8.2)
    mini_portile2 (2.1.0)
    nokogiri (1.6.8)
      mini_portile2 (~> 2.1.0)
      pkg-config (~> 1.1.7)
    pkg-config (1.1.7)
    pry (0.10.3)
      coderay (~> 1.1.0)
      method_source (~> 0.8.1)
      slop (~> 3.4)
    roo (2.4.0)
      nokogiri (~> 1)
      rubyzip (~> 1.1, < 2.0.0)
    rubyzip (1.2.0)
    slop (3.6.0)

PLATFORMS
  ruby

DEPENDENCIES
  countries
  going_postal
  pry
  roo

BUNDLED WITH
   1.12.5
